GEM
  remote: https://rubygems.org/
  specs:
<<<<<<< HEAD
    activemodel (5.2.0)
      activesupport (= 5.2.0)
    activerecord (5.2.0)
      activemodel (= 5.2.0)
      activesupport (= 5.2.0)
      arel (>= 9.0)
    activesupport (5.2.0)
      concurrent-ruby (~> 1.0, >= 1.0.2)
      i18n (>= 0.7, < 2)
      minitest (~> 5.1)
      tzinfo (~> 1.1)
    arel (9.0.0)
    bond (0.5.1)
    coderay (1.1.3)
    concurrent-ruby (1.1.7)
    daemons (1.3.1)
    eventmachine (1.2.7)
    i18n (1.8.5)
      concurrent-ruby (~> 1.0)
    method_source (1.0.0)
    minitest (5.14.2)
=======
    coderay (1.1.3)
    daemons (1.3.1)
    eventmachine (1.2.7)
    method_source (1.0.0)
>>>>>>> 94e4be4d09398f3f64d02319c8458452e35d52b4
    mustermann (1.1.1)
      ruby2_keywords (~> 0.0.1)
    pry (0.13.1)
      coderay (~> 1.1)
      method_source (~> 1.0)
    rack (2.2.3)
    rack-protection (2.1.0)
      rack
<<<<<<< HEAD
    rack-test (0.6.3)
      rack (>= 1.0)
    rake (13.0.1)
    require_all (3.0.0)
    ripl (0.7.1)
      bond (~> 0.5.1)
    ripl-multi_line (0.3.1)
      ripl (>= 0.3.6)
    ripl-rack (0.2.1)
      rack (>= 1.0)
      rack-test (~> 0.6.2)
      ripl (>= 0.7.0)
=======
    require_all (3.0.0)
>>>>>>> 94e4be4d09398f3f64d02319c8458452e35d52b4
    ruby2_keywords (0.0.2)
    shotgun (0.9.2)
      rack (>= 1.0)
    sinatra (2.1.0)
      mustermann (~> 1.0)
      rack (~> 2.2)
      rack-protection (= 2.1.0)
      tilt (~> 2.0)
<<<<<<< HEAD
    sinatra-activerecord (2.0.21)
      activerecord (>= 4.1)
      sinatra (>= 1.0)
    sqlite3 (1.3.13)
=======
>>>>>>> 94e4be4d09398f3f64d02319c8458452e35d52b4
    thin (1.7.2)
      daemons (~> 1.0, >= 1.0.9)
      eventmachine (~> 1.0, >= 1.0.4)
      rack (>= 1, < 3)
<<<<<<< HEAD
    thread_safe (0.3.6)
    tilt (2.0.10)
    tux (0.3.0)
      ripl (>= 0.3.5)
      ripl-multi_line (>= 0.2.4)
      ripl-rack (>= 0.2.0)
      sinatra (>= 1.2.1)
    tzinfo (1.2.7)
      thread_safe (~> 0.1)
=======
    tilt (2.0.10)
>>>>>>> 94e4be4d09398f3f64d02319c8458452e35d52b4

PLATFORMS
  ruby

DEPENDENCIES
<<<<<<< HEAD
  activerecord (= 5.2)
  pry
  rake
  require_all
  shotgun
  sinatra
  sinatra-activerecord
  sqlite3 (~> 1.3.6)
  thin
  tux

BUNDLED WITH
   2.1.2
=======
  pry
  require_all
  shotgun
  sinatra
  thin

BUNDLED WITH
   2.0.1
>>>>>>> 94e4be4d09398f3f64d02319c8458452e35d52b4
